GIT
  remote: https://github.com/pulibrary/marc_cleanup.git
  revision: 9a9f32c21fc3b86067af5eef5c27ce8775049602
  tag: v0.8.9
  specs:
    marc_cleanup (0.8.9)
      marc (~> 1.0)

GEM
  remote: https://rubygems.org/
  specs:
    faraday (1.0.0)
      multipart-post (>= 1.2, < 3)
    io-console (0.5.6)
    irb (1.2.3)
      reline (>= 0.0.1)
    marc (1.0.4)
      scrub_rb (>= 1.0.1, < 2)
      unf
    mini_portile2 (2.4.0)
    multipart-post (2.1.1)
    mysql2 (0.5.3)
    nokogiri (1.10.9)
      mini_portile2 (~> 2.4.0)
    reline (0.1.3)
      io-console (~> 0.5)
    scrub_rb (1.0.1)
    unf (0.1.4)
      unf_ext
    unf_ext (0.0.7.6)

PLATFORMS
  ruby

DEPENDENCIES
  faraday (~> 1.0)
  irb
  marc (~> 1.0.4)
  marc_cleanup!
  mysql2 (~> 0.5.3)
  nokogiri (~> 1.10.9)

BUNDLED WITH
   2.1.4
